PATH
  remote: .
  specs:
    looper (0.0.1)
      cast
      json_pure (~> 1.7.6)
      multi_json (~> 1.5.0)

GEM
  remote: http://rubygems.org/
  specs:
    cast (0.2.1)
    json_pure (1.7.6)
    metaclass (0.0.1)
    mocha (0.13.2)
      metaclass (~> 0.0.1)
    multi_json (1.5.0)
    rake (10.0.3)

PLATFORMS
  ruby

DEPENDENCIES
  looper!
  mocha (~> 0.13.2)
  rake (~> 10.0.3)
