PATH
  remote: .
  specs:
    looper (0.0.1)
      cast
      json_pure (~> 1.5.3)
      multi_json (~> 1.0.3)

GEM
  remote: http://rubygems.org/
  specs:
    cast (0.2.1)
    json_pure (1.5.4)
      spruz (~> 0.2.8)
    mocha (0.13.2)
    multi_json (1.0.4)
    rake (0.9.6)
    spruz (0.2.13)

PLATFORMS
  ruby

DEPENDENCIES
  looper!
  mocha (~> 0.13.2)
  rake (~> 0.9.2)
